GEM
  remote: https://rubygems.org/
  specs:
    coderay (1.1.2)
    domain_name (0.5.20170404)
      unf (>= 0.0.5)
    http-cookie (1.0.3)
      domain_name (~> 0.5)
    method_source (0.9.0)
    mime-types (2.99.3)
    mustache (0.99.8)
    netrc (0.11.0)
    pry (0.11.3)
      coderay (~> 1.1.0)
      method_source (~> 0.9)
    rack (1.6.8)
    rack-protection (2.0.0)
      rack
    rest-client (1.8.0)
      http-cookie (>= 1.0.2)
      mime-types (>= 1.16)
      netrc (~> 0.7)
    sinatra (1.4.8)
      rack (~> 1.5)
      rack-protection (~> 1.4)
      tilt (~> 1.3, >= 1.3)
    tilt (2.0.8)
    unf (0.1.4)
      unf_ext
    unf_ext (0.0.7.4)
    yajl-ruby (1.3.1)

PLATFORMS
  ruby

DEPENDENCIES
  mustache
  pry
  rest-client
  sinatra
  yajl-ruby

BUNDLED WITH
   1.16.0
