GEM
  remote: https://rubygems.org/
  specs:
    coderay (1.1.2)
    method_source (0.9.0)
    mime-types (1.25.1)
    netrc (0.11.0)
    mustache (0.99.8)
    pry (0.10.4)
      coderay (~> 1.1.0)
      method_source (~> 0.8.1)
      slop (~> 3.4)
    rack (1.6.8)
    rack-protection (2.0.0)
      rack
    rest-client (1.7.3)
      mime-types (>= 1.16)
      netrc (~> 0.7)
    sinatra (1.4.8)
      rack (~> 1.5)
      rack-protection (~> 1.4)
      tilt (~> 1.3, >= 1.3)
    slop (3.6.0)
    tilt (1.4.1)
    yajl-ruby (1.3.1)

PLATFORMS
  ruby

DEPENDENCIES
  mustache
  pry
  rest-client
  sinatra
  yajl-ruby
