GEM
  remote: https://rubygems.org/
  specs:
    coderay (1.0.8)
    method_source (0.8.1)
    mime-types (1.19)
    mustache (0.99.4)
    pry (0.9.10)
      coderay (~> 1.0.5)
      method_source (~> 0.8)
      slop (~> 3.3.1)
    rack (1.5.4)
    rack-protection (1.2.0)
      rack
    rest-client (1.7.3)
      mime-types (>= 1.16)
    sinatra (1.3.3)
      rack (~> 1.3, >= 1.3.6)
      rack-protection (~> 1.2)
      tilt (~> 1.3, >= 1.3.3)
    slop (3.3.3)
    tilt (1.3.3)
    yajl-ruby (1.3.1)

PLATFORMS
  ruby

DEPENDENCIES
  mustache
  pry
  rest-client
  sinatra
  yajl-ruby
